GEM
  remote: https://rubygems.org/
  specs:
    addressable (2.6.0)
      public_suffix (>= 2.0.2, < 4.0)
    awesome_print (1.8.0)
    byebug (11.0.1)
    capybara (3.19.0)
      addressable
      mini_mime (>= 0.1.3)
      nokogiri (~> 1.8)
      rack (>= 1.6.0)
      rack-test (>= 0.6.3)
      regexp_parser (~> 1.2)
      xpath (~> 3.2)
    childprocess (1.0.1)
      rake (< 13.0)
    cmdparse (3.0.4)
    equatable (0.5.0)
    escape_utils (1.2.1)
    geom2d (0.2.0)
    hexapdf (0.9.1)
      cmdparse (~> 3.0, >= 3.0.3)
      geom2d (~> 0.2)
    mini_mime (1.0.1)
    mini_portile2 (2.4.0)
    necromancer (0.4.0)
    nokogiri (1.10.3)
      mini_portile2 (~> 2.4.0)
    pastel (0.7.2)
      equatable (~> 0.5.0)
      tty-color (~> 0.4.0)
    public_suffix (3.0.3)
    rack (2.0.7)
    rack-test (1.1.0)
      rack (>= 1.0, < 3)
    rake (12.3.2)
    regexp_parser (1.4.0)
    rubyzip (1.2.2)
    selenium-webdriver (3.142.2)
      childprocess (>= 0.5, < 2.0)
      rubyzip (~> 1.2, >= 1.2.2)
    smarter_csv (1.2.6)
    timers (4.3.0)
    tty-color (0.4.3)
    tty-cursor (0.6.1)
    tty-prompt (0.18.1)
      necromancer (~> 0.4.0)
      pastel (~> 0.7.0)
      timers (~> 4.0)
      tty-cursor (~> 0.6.0)
      tty-reader (~> 0.5.0)
    tty-reader (0.5.0)
      tty-cursor (~> 0.6.0)
      tty-screen (~> 0.6.4)
      wisper (~> 2.0.0)
    tty-screen (0.6.5)
    watir (6.16.5)
      regexp_parser (~> 1.2)
      selenium-webdriver (~> 3.6)
    wisper (2.0.0)
    xpath (3.2.0)
      nokogiri (~> 1.8)

PLATFORMS
  ruby

DEPENDENCIES
  awesome_print
  byebug
  capybara
  escape_utils
  hexapdf
  smarter_csv
  tty-prompt
  watir

BUNDLED WITH
   1.17.2
